PATH
  remote: .
  specs:
    sinatra-respond_to (0.9.0)
      sinatra (>= 1.3)

GEM
  remote: https://rubygems.org/
  specs:
    builder (3.1.4)
    diff-lcs (1.4.4)
    haml (3.1.7)
    multi_json (1.5.0)
    mustermann (1.1.1)
      ruby2_keywords (~> 0.0.1)
    rack (2.2.3)
    rack-protection (2.1.0)
      rack
    rack-test (0.6.2)
      rack (>= 1.0)
    rspec (3.10.0)
      rspec-core (~> 3.10.0)
      rspec-expectations (~> 3.10.0)
      rspec-mocks (~> 3.10.0)
    rspec-core (3.10.0)
      rspec-support (~> 3.10.0)
    rspec-expectations (3.10.0)
      diff-lcs (>= 1.2.0, < 2.0)
      rspec-support (~> 3.10.0)
    rspec-mocks (3.10.0)
      diff-lcs (>= 1.2.0, < 2.0)
      rspec-support (~> 3.10.0)
    rspec-support (3.10.0)
    ruby2_keywords (0.0.2)
    sass (3.2.5)
    simplecov (0.7.1)
      multi_json (~> 1.0)
      simplecov-html (~> 0.7.1)
    simplecov-html (0.7.1)
    sinatra (2.1.0)
      mustermann (~> 1.0)
      rack (~> 2.2)
      rack-protection (= 2.1.0)
      tilt (~> 2.0)
    tilt (2.0.10)

PLATFORMS
  ruby

DEPENDENCIES
  builder (>= 2.0)
  bundler (>= 1.2)
  haml (>= 3.0)
  rack-test (~> 0.6.2)
  rspec (~> 3.10)
  sass (>= 3.0)
  simplecov (~> 0.7.1)
  sinatra-respond_to!

BUNDLED WITH
   2.1.4
